GEM
  remote: https://rubygems.org/
  specs:
    json (2.6.3)
    mustermann (2.0.2)
      ruby2_keywords (~> 0.0.1)
    nio4r (2.7.0)
    puma (5.6.8)
      nio4r (~> 2.0)
    rack (2.2.8)
    rack-protection (2.2.4)
      rack
    ruby2_keywords (0.0.5)
    sinatra (2.2.4)
      mustermann (~> 2.0)
      rack (~> 2.2)
      rack-protection (= 2.2.4)
      tilt (~> 2.0)
    tilt (2.3.0)

PLATFORMS
  ruby
  x86_64-darwin-24

DEPENDENCIES
  json (~> 2.6.0)
  puma (~> 5.6.0)
  rack (~> 2.2.0)
  sinatra (~> 2.2.0)

RUBY VERSION
   ruby 2.6.10p210

BUNDLED WITH
   1.17.2
